GIT
  remote: git://github.com/stevenfarlie/dashing.git
  revision: bd21c0d2c3b2d1522a746ff88b9e0c34f85b589a
  specs:
    dashing (1.3.2)
      coffee-script (~> 2.2.0)
      execjs (~> 2.0.2)
      rack (~> 1.5.2)
      rufus-scheduler (~> 3.0.3)
      sass (~> 3.2.12)
      sinatra (~> 1.4.4)
      sinatra-contrib (~> 1.4.2)
      sprockets (~> 2.10.1)
      thin (~> 1.6.1)
      thor (~> 0.18.1)

GEM
  remote: https://rubygems.org/
  specs:
    atomic (1.1.15)
    backports (3.6.0)
    coffee-script (2.2.0)
      coffee-script-source
      execjs
    coffee-script-source (1.7.0)
    daemons (1.1.9)
    eventmachine (1.0.3)
    execjs (2.0.2)
    hike (1.2.3)
    libv8 (3.16.14.3)
    mime-types (2.1)
    multi_json (1.9.0)
    rack (1.5.2)
    rack-protection (1.5.2)
      rack
    rack-test (0.6.2)
      rack (>= 1.0)
    ref (1.0.5)
    rest-client (1.6.7)
      mime-types (>= 1.16)
    rufus-scheduler (3.0.6)
      tzinfo
    sass (3.2.15)
    sinatra (1.4.4)
      rack (~> 1.4)
      rack-protection (~> 1.4)
      tilt (~> 1.3, >= 1.3.4)
    sinatra-contrib (1.4.2)
      backports (>= 2.0)
      multi_json
      rack-protection
      rack-test
      sinatra (~> 1.4.0)
      tilt (~> 1.3)
    sprockets (2.10.1)
      hike (~> 1.2)
      multi_json (~> 1.0)
      rack (~> 1.0)
      tilt (~> 1.1, != 1.3.0)
    therubyracer (0.12.1)
      libv8 (~> 3.16.14.0)
      ref
    thin (1.6.2)
      daemons (>= 1.0.9)
      eventmachine (>= 1.0.0)
      rack (>= 1.0.0)
    thor (0.18.1)
    thread_safe (0.2.0)
      atomic (>= 1.1.7, < 2)
    tilt (1.4.1)
    tzinfo (1.1.0)
      thread_safe (~> 0.1)

PLATFORMS
  ruby

DEPENDENCIES
  dashing!
  rest-client
  therubyracer
